GEM
  remote: https://rubygems.org/
  specs:
    dbt (1.2.0)
    motion-kit (1.1.1)
      dbt (~> 1.1, >= 1.1.5)
    motion-launchimages (1.1.0)
    rake (12.3.0)

PLATFORMS
  ruby

DEPENDENCIES
  motion-kit
  motion-launchimages
  rake

BUNDLED WITH
   1.13.7
