GEM
  remote: https://rubygems.org/
  specs:
    dbt (1.1.5)
    motion-kit (0.18.0)
      dbt (~> 1.1.5)
    motion-launchimages (1.0.0)
    rake (10.4.2)

PLATFORMS
  ruby

DEPENDENCIES
  motion-kit
  motion-launchimages
  rake

BUNDLED WITH
   1.10.2
